PATH
  remote: .
  specs:
    mvner (0.0.1)
      activesupport (~> 3.2)
      nokogiri (~> 1.5)

GEM
  remote: https://rubygems.org/
  specs:
    activesupport (3.2.9)
      i18n (~> 0.6)
      multi_json (~> 1.0)
    diff-lcs (1.1.3)
    i18n (0.6.1)
    multi_json (1.4.0)
    nokogiri (1.5.5)
    rake (10.0.2)
    rspec (2.12.0)
      rspec-core (~> 2.12.0)
      rspec-expectations (~> 2.12.0)
      rspec-mocks (~> 2.12.0)
    rspec-core (2.12.1)
    rspec-expectations (2.12.0)
      diff-lcs (~> 1.1.3)
    rspec-mocks (2.12.0)
    yajl-ruby (1.1.0)
    yard (0.8.3)

PLATFORMS
  ruby

DEPENDENCIES
  mvner!
  rake (~> 10)
  rspec (~> 2.12)
  yajl-ruby
  yard
